GIT
  remote: git://github.com/sosedoff/lxc-ruby.git
  revision: 6d82c2ae3513789b2856d07a156e9131369f95fe
  specs:
    lxc-ruby (0.3.2)
      posix-spawn (~> 0.3.6)

GEM
  remote: https://rubygems.org/
  specs:
    posix-spawn (0.3.10)
    rack (1.6.0)
    rack-protection (1.5.3)
      rack
    sinatra (1.4.5)
      rack (~> 1.4)
      rack-protection (~> 1.4)
      tilt (~> 1.3, >= 1.3.4)
    sinatra-flash (0.3.0)
      sinatra (>= 1.0.0)
    tilt (1.4.1)

PLATFORMS
  ruby

DEPENDENCIES
  lxc-ruby!
  sinatra
  sinatra-flash
