GIT
  remote: git://github.com/lxc/ruby-lxc.git
  revision: e18dc18d8dc4c54e3d2ec3dee67502de1e8af6e1
  specs:
    ruby-lxc (1.2.0)

GEM
  remote: https://rubygems.org/
  specs:
    rack (1.6.0)
    rack-protection (1.5.3)
      rack
    sinatra (1.4.5)
      rack (~> 1.4)
      rack-protection (~> 1.4)
      tilt (~> 1.3, >= 1.3.4)
    sinatra-flash (0.3.0)
      sinatra (>= 1.0.0)
    tilt (1.4.1)

PLATFORMS
  ruby

DEPENDENCIES
  ruby-lxc!
  sinatra
  sinatra-flash
